GEM
  remote: https://rubygems.org/
  specs:
    actioncable (7.0.8)
      actionpack (= 7.0.8)
      actionview (= 7.0.8)
      activejob (= 7.0.8)
      activesupport (= 7.0.8)
      nio4r (>= 2.0)
      websocket-driver (>= 0.6.1)
    actionmailbox (7.0.8)
      actionpack (= 7.0.8)
      activejob (= 7.0.8)
      activerecord (= 7.0.8)
      activestorage (= 7.0.8)
      activesupport (= 7.0.8)
    actionmailer (7.0.8)
      actionpack (= 7.0.8)
      actionview (= 7.0.8)
      activejob (= 7.0.8)
      mail (>= 2.7.1)
      nio4r (>= 2.0)
    actionpack (7.0.8)
      actionview (= 7.0.8)
      activesupport (= 7.0.8)
      rack (~> 2.0)
      rack-test (~> 1.1)
      rails-dom-testing (~> 2.0)
      rails-html-sanitizer (~> 1.0)
    actiontext (7.0.8)
      actionpack (= 7.0.8)
      actionview (= 7.0.8)
      activerecord (= 7.0.8)
      activestorage (= 7.0.8)
      activesupport (= 7.0.8)
    actionview (7.0.8)
      activesupport (= 7.0.8)
      builder (~> 3.1)
      erubi (~> 1.4)
      nio4r (>= 2.0)
      nokogiri (>= 1.8.5)
    activejob (7.0.8)
      activesupport (= 7.0.8)
      globalid (>= 0.3.7)
    activemodel (7.0.8)
      activesupport (= 7.0.8)
    activerecord (7.0.8)
      activemodel (= 7.0.8)
      activesupport (= 7.0.8)
    activestorage (7.0.8)
      actionpack (= 7.0.8)
      actionview (= 7.0.8)
      activerecord (= 7.0.8)
      marcel (~> 1.0.0)
    activesupport (7.0.8)
      concurrent-ruby (~> 1.0)
      i18n (>= 0.7)
      minitest (>= 5.1)
      tzinfo (>= 1.1)
    addressable (2.8.0)
      public_suffix (>= 2.0.2, < 5.0)
    ast (2.5.0)
    async (1.7.1)
      concurrent-ruby (~> 1.0)
    bootsnap (1.10.1)
      msgpack (~> 1.0)
    bootstrap (5.1.0)
      popper_js (>= 2.9.0)
    builder (3.2.5)
    byebug (11.2.1)
    capybara (3.36.0)
      addressable
      mini_mime (>= 0.1.3)
      nokogiri (>= 1.8)
      rack (>= 1.6.0)
      rack-test (>= 0.6.3)
      selenium-webdriver (>= 3.0)
      xpath (>= 2.0, < 4.0)
    concurrent-ruby (1.1.9)
    crass (1.0.7)
    database_cleaner (1.8.6)
    debug (1.0.1)
      ast (~> 2.4)
    devise (4.9.2)
      bcrypt (~> 3.0)
      orm_adapter (~> 0.1)
      railties (>= 6.1)
      responders
      warden (~> 1.2)
    erubi (1.11.1)
    factory_bot (6.3.0)
      activesupport (>= 5.1)
    faker (2.22.0)
      i18n (>= 0.7)
    globalid (0.5.2)
      activesupport (>= 5.2.0)
    i18n (1.9.2)
      concurrent-ruby (~> 1.0)
    image_processing (1.12.1)
      mini_magick (>= 4.9)
      ruby-vips (>= 2.0.13, < 3.0)
    jbuilder (2.11.0)
      activesupport (>= 5.0)
    jwt (2.3.0)
    kredis (1.4.0)
      activesupport (>= 4.2)
      connection_pool (>= 2.2, < 3.0)
      redis (>= 4.3, < 5.0)
    mail (2.7.1)
      mini_mime (>= 1.0.2)
    marcel (1.0.1)
    method_source (1.2.0)
    mini_mime (1.1.2)
    mini_portile2 (2.8.0)
    minitest (5.15.0)
    msgpack (1.4.2)
    nio4r (2.5.7)
    nokogiri (1.13.0)
      mini_portile2 (~> 2.7.0)
    orm_adapter (0.5.0)
    pg (1.3.2)
    popper_js (2.9.3)
    public_suffix (4.0.6)
    puma (5.6.2)
      nio4r (~> 2.0)
    rack (2.2.3)
    rack-mini-profiler (2.3.4)
      rack (>= 1.2.0)
    rack-test (1.1.0)
      rack (>= 1.0, < 3)
    rails (7.0.8)
      actioncable (= 7.0.8)
      actionmailbox (= 7.0.8)
      actionmailer (= 7.0.8)
      actionpack (= 7.0.8)
      actiontext (= 7.0.8)
      actionview (= 7.0.8)
      activejob (= 7.0.8)
      activemodel (= 7.0.8)
      activerecord (= 7.0.8)
      activestorage (= 7.0.8)
      activesupport (= 7.0.8)
      bundler (>= 2.0.0)
      railties (= 7.0.8)
      sprockets-rails
    rails-controller-testing (1.1.4)
      actionpack (>= 5.0)
      activesupport (>= 5.0)
      rails-dom-testing (>= 2.0)
    rails-dom-testing (2.0.3)
      activesupport (>= 4.2.0)
      nokogiri (>= 1.6)
    rails-html-sanitizer (1.5.0)
      loofah (~> 2.4)
    railties (7.0.8)
      actionpack (= 7.0.8)
      activesupport (= 7.0.8)
      method_source
      thor (>= 1.0.0)
    rainbow (3.0.0)
    rspec-core (3.11.1)
      rspec-support (~> 3.11.0)
    rspec-expectations (3.11.1)
      diff-lcs (>= 1.2.0, < 2.0)
      rspec-support (~> 3.11.0)
    rspec-mocks (3.11.1)
      rspec-support (~> 3.11.0)
    rspec-rails (5.0.2)
      actionpack (>= 6)
      activesupport (>= 6)
      railties (>= 6)
      rspec-core (~> 3.11)
      rspec-expectations (~> 3.11)
      rspec-mocks (~> 3.11)
      rspec-support (~> 3.11)
    rspec-support (3.11.1)
    ruby-vips (2.1.2)
    selenium-webdriver (4.1.0)
      childprocess (>= 0.5, < 5.0)
      rubyzip (>= 2.0.0)
    shoulda-matchers (5.0.0)
      activesupport (>= 5.1)
    simplecov (0.21.2)
      docile (~> 1.3)
      simplecov-html (~> 0.13)
      simplecov-html_formatter
    simplecov-html (0.15.2)
    simplecov-html_formatter (0.12.0)
      simplecov (>= 0.18, < 1.1)
    spring (3.0.1)
    sprockets (4.0.2)
      concurrent-ruby (~> 1.0)
      crass (~> 1.0)
      rack (> 2.0)
    sprockets-rails (3.4.2)
      actionpack (>= 6)
      sprockets (>= 3.0)
    stimulus-rails (0.4.1)
      actionpack (>= 6.0)
      activesupport (>= 6.0)
      stimulus (~> 3.0)
    thor (1.2.1)
    tzinfo (2.1.0)
      tzdata (~> 2.0)
    tzinfo-data (1.2021.9)
      tzinfo (>= 1.0.0)
    tzdata (2.2021.9)
    warden (1.2.10)
      rack (>= 2.0.9)

PLATFORMS
  ruby

DEPENDENCIES
  bootsnap
  bootstrap (= 5.1.0)
  byebug
  capybara
  database_cleaner
  debug
  devise
  factory_bot
  faker
  image_processing (~> 1.2)
  jbuilder
  kredis
  pg (~> 1.1)
  popper_js (>= 2.9.0)
  puma (~> 5.0)
  rails (~> 7.0.8)
  rails-controller-testing
  rails-dom-testing
  rspec-rails (~> 5.0)
  ruby-vips (< 3.0)
  selenium-webdriver
  shoulda-matchers (~> 5.0)
  simplecov
  stimulus-rails
  tzinfo-data
  web-console

RUBY VERSION
   ruby 3.2.2

BUNDLED WITH
   2.2.30
